GEM
  specs:
    bcrypt (3.1.16)

PLATFORMS
  x64-mingw32

DEPENDENCIES
  bcrypt

BUNDLED WITH
   2.2.22
